GEM
  remote: https://rubygems.org/
  specs:
    coderay (1.1.3)
    csv (3.3.5)
    method_source (1.1.0)
    pry (0.15.2)
      coderay (~> 1.1)
      method_source (~> 1.0)

PLATFORMS
  x86_64-linux-gnu

DEPENDENCIES
  csv
  pry

RUBY VERSION
   ruby 3.2.3p157

BUNDLED WITH
   2.4.20
